GEM
  specs:

GEM
  remote: https://rubygems.org/
  specs:
    language_server-protocol (3.17.0.5)
    logger (1.7.0)
    prism (1.4.0)
    rbs (3.9.4)
      logger
    ruby-lsp (0.24.1)
      language_server-protocol (~> 3.17.0)
      prism (>= 1.2, < 2.0)
      rbs (>= 3, < 5)
      sorbet-runtime (>= 0.5.10782)
    sorbet-runtime (0.5.12157)

PLATFORMS
  ruby
  x86_64-linux

DEPENDENCIES
  ruby-lsp!

BUNDLED WITH
   2.6.7
